GEM
  remote: https://rubygems.org/
  specs:
    arr-pm (0.0.9)
      cabin (> 0)
    backports (3.6.4)
    cabin (0.6.1)
    childprocess (0.5.5)
      ffi (~> 1.0, >= 1.0.11)
    clamp (0.6.3)
    ffi (1.9.6)
    fpm (1.3.2)
      arr-pm (~> 0.0.9)
      backports (>= 2.6.2)
      cabin (>= 0.6.0)
      childprocess
      clamp (~> 0.6)
      ffi
      json (>= 1.7.7)
    hpricot (0.8.6)
    json (1.8.6)
    mustache (0.99.7)
    rdiscount (2.1.7.1)
    ronn (0.7.3)
      hpricot (>= 0.8.2)
      mustache (>= 0.7.0)
      rdiscount (>= 1.5.8)

PLATFORMS
  ruby

DEPENDENCIES
  fpm
  ronn